GEM
  remote: https://rubygems.org/
  specs:
    csv (3.2.3)
    json (2.6.2)
    rubytree (2.0.0)
      json (~> 2.0, > 2.3.1)

PLATFORMS
  ruby

DEPENDENCIES
  csv
  rubytree

BUNDLED WITH
   2.1.4
